GEM
  remote: https://rubygems.org/
  specs:
    citrus (3.0.2)
    coderay (1.1.2)
    haml (5.0.4)
      temple (>= 0.8.0)
      tilt
    method_source (0.9.2)
    mustermann (1.0.3)
    pry (0.12.2)
      coderay (~> 1.1.0)
      method_source (~> 0.9.0)
    rack (2.0.7)
    rack-contrib (2.1.0)
      rack (~> 2.0)
    rack-protection (2.0.5)
      rack
    sinatra (2.0.5)
      mustermann (~> 1.0)
      rack (~> 2.0)
      rack-protection (= 2.0.5)
      tilt (~> 2.0)
    temple (0.8.1)
    tilt (2.0.9)
    toml-rb (1.1.2)
      citrus (~> 3.0, > 3.0)

PLATFORMS
  ruby

DEPENDENCIES
  haml
  pry
  rack-contrib
  sinatra
  toml-rb

BUNDLED WITH
   2.0.1
